PATH
  remote: .
  specs:
    gem_updater (2.1.1)
      bundler (~> 1.15)
      json (~> 2.1)
      nokogiri (~> 1.8)

GEM
  remote: https://rubygems.org/
  specs:
    codacy-coverage (1.1.6)
      simplecov
    diff-lcs (1.3)
    docile (1.1.5)
    json (2.1.0)
    mini_portile2 (2.2.0)
    nokogiri (1.8.0)
      mini_portile2 (~> 2.2.0)
    rake (12.0.0)
    rspec (3.6.0)
      rspec-core (~> 3.6.0)
      rspec-expectations (~> 3.6.0)
      rspec-mocks (~> 3.6.0)
    rspec-core (3.6.0)
      rspec-support (~> 3.6.0)
    rspec-expectations (3.6.0)
      diff-lcs (>= 1.2.0, < 2.0)
      rspec-support (~> 3.6.0)
    rspec-mocks (3.6.0)
      diff-lcs (>= 1.2.0, < 2.0)
      rspec-support (~> 3.6.0)
    rspec-support (3.6.0)
    simplecov (0.14.1)
      docile (~> 1.1.0)
      json (>= 1.8, < 3)
      simplecov-html (~> 0.10.0)
    simplecov-html (0.10.1)

PLATFORMS
  ruby

DEPENDENCIES
  codacy-coverage
  gem_updater!
  rake
  rspec (~> 3.6)
  simplecov

BUNDLED WITH
   1.15.1
