PATH
  remote: .
  specs:
    gem_updater (0.5.1)
      bundler (~> 1.12)
      json (~> 2.0)
      nokogiri (~> 1.6)

GEM
  remote: https://rubygems.org/
  specs:
    codacy-coverage (1.0.0)
      simplecov (>= 0.10.0)
    diff-lcs (1.2.5)
    docile (1.1.5)
    json (2.0.1)
    mini_portile2 (2.1.0)
    nokogiri (1.6.8)
      mini_portile2 (~> 2.1.0)
      pkg-config (~> 1.1.7)
    pkg-config (1.1.7)
    rake (11.2.2)
    rspec (3.5.0)
      rspec-core (~> 3.5.0)
      rspec-expectations (~> 3.5.0)
      rspec-mocks (~> 3.5.0)
    rspec-core (3.5.1)
      rspec-support (~> 3.5.0)
    rspec-expectations (3.5.0)
      diff-lcs (>= 1.2.0, < 2.0)
      rspec-support (~> 3.5.0)
    rspec-mocks (3.5.0)
      diff-lcs (>= 1.2.0, < 2.0)
      rspec-support (~> 3.5.0)
    rspec-support (3.5.0)
    simplecov (0.12.0)
      docile (~> 1.1.0)
      json (>= 1.8, < 3)
      simplecov-html (~> 0.10.0)
    simplecov-html (0.10.0)

PLATFORMS
  ruby

DEPENDENCIES
  codacy-coverage
  gem_updater!
  rake
  rspec (~> 3.5)
  simplecov

BUNDLED WITH
   1.12.5
